GIT
  remote: git://github.com/rails/arel.git
  revision: c44ffd29e4161e9bd5146c8c6a3aae6f3090f35c
  branch: v2.2.3
  specs:
    arel (2.2.3.20120221150435)

GEM
  remote: http://rubygems.org/
  remote: http://gemcutter.org/
  specs:
    RedCloth (4.2.9)
    actionmailer (2.3.14)
      actionpack (= 2.3.14)
    actionpack (2.3.14)
      activesupport (= 2.3.14)
      rack (~> 1.1.0)
    activerecord (2.3.14)
      activesupport (= 2.3.14)
    activeresource (2.3.14)
      activesupport (= 2.3.14)
    activesupport (2.3.14)
    acts_as_list (0.1.4)
    acts_as_tree (0.1.1)
    bluecloth (2.1.0)
    builder (3.0.0)
    chunky_png (1.2.5)
    cocaine (0.2.1)
    coffee-script (2.2.0)
      coffee-script-source
      execjs
    coffee-script-source (1.3.1)
    compass (0.11.7)
      chunky_png (~> 1.2)
      fssm (>= 0.2.7)
      sass (~> 3.1)
    cucumber (1.1.9)
      builder (>= 2.1.2)
      diff-lcs (>= 1.1.2)
      gherkin (~> 2.9.0)
      json (>= 1.4.6)
      term-ansicolor (>= 1.0.6)
    daemons (1.0.10)
    delocalize (0.2.6)
    diff-lcs (1.1.3)
    erubis (2.7.0)
    execjs (1.3.0)
      multi_json (~> 1.0)
    factory_girl (2.6.4)
      activesupport (>= 2.3.9)
    fssm (0.2.9)
    gem_plugin (0.2.3)
    gherkin (2.9.3)
      json (>= 1.4.6)
    haml (3.1.4)
    highline (1.6.11)
    hpricot (0.8.6)
    json (1.6.6)
    mime-types (1.18)
    mongrel (1.2.0.pre2)
      daemons (~> 1.0.10)
      gem_plugin (~> 0.2.3)
    mongrel_cluster (1.0.5)
      gem_plugin (>= 0.2.3)
      mongrel (>= 1.0.2)
    multi_json (1.2.0)
    nokogiri (1.5.2)
    paperclip (2.5.2)
      activerecord (>= 2.3.0)
      activesupport (>= 2.3.2)
      cocaine (>= 0.0.2)
      mime-types
    pg (0.13.2)
    rack (1.1.3)
    rack-cache (1.0.3)
      rack (>= 0.4)
    radiant (1.0.1)
      RedCloth (~> 4.2.0)
      acts_as_tree (~> 0.1.1)
      bundler (>= 1.0.0)
      compass (~> 0.11.1)
      delocalize (~> 0.2.3)
      haml (~> 3.1.1)
      highline (~> 1.6.10)
      rack (~> 1.1.1)
      rack-cache (~> 1.0.2)
      radiant-archive-extension (~> 1.0.7)
      radiant-clipped-extension (~> 1.0.16)
      radiant-debug-extension (~> 1.0.2)
      radiant-exporter-extension (~> 1.0.2)
      radiant-markdown_filter-extension (~> 1.0.2)
      radiant-sheets-extension (~> 1.0.9)
      radiant-site_templates-extension (~> 1.0.4)
      radiant-smarty_pants_filter-extension (~> 1.0.2)
      radiant-textile_filter-extension (~> 1.0.4)
      radius (~> 0.7.3)
      rails (~> 2.3.14)
      rake (>= 0.8.7)
      rdoc (>= 3.9.2)
      stringex (~> 1.3.0)
      tzinfo (~> 0.3.31)
      will_paginate (~> 2.3.11)
    radiant-archive-extension (1.0.7)
    radiant-clipped-extension (1.0.17)
      acts_as_list (= 0.1.4)
      paperclip (~> 2.5.0)
      uuidtools (~> 2.1.2)
    radiant-dashboard-extension (1.3.2)
    radiant-debug-extension (1.0.2)
    radiant-exporter-extension (1.0.3)
    radiant-markdown_filter-extension (1.0.2)
      bluecloth (~> 2.1.0)
    radiant-sheets-extension (1.0.10)
      coffee-script (~> 2.2.0)
      sass (~> 3.1.12)
    radiant-site_templates-extension (1.0.5)
    radiant-smarty_pants_filter-extension (1.0.2)
      rubypants (~> 0.2.0)
    radiant-textile_filter-extension (1.0.4)
      RedCloth (~> 4.2.0)
    radius (0.7.3)
    rails (2.3.14)
      actionmailer (= 2.3.14)
      actionpack (= 2.3.14)
      activerecord (= 2.3.14)
      activeresource (= 2.3.14)
      activesupport (= 2.3.14)
      rake (>= 0.8.3)
    rake (0.8.7)
    rdoc (3.12)
      json (~> 1.4)
    ruby-prof (0.10.8)
    ruby_parser (2.3.1)
      sexp_processor (~> 3.0)
    rubypants (0.2.0)
    sass (3.1.15)
    sexp_processor (3.1.0)
    stringex (1.3.2)
    term-ansicolor (1.0.7)
    tzinfo (0.3.33)
    uuidtools (2.1.2)
    will_paginate (2.3.16)

PLATFORMS
  ruby

DEPENDENCIES
  RedCloth
  acts_as_tree
  arel!
  bluecloth
  bundler
  compass
  cucumber
  delocalize
  erubis
  factory_girl
  haml
  highline
  hpricot
  mongrel
  mongrel_cluster
  nokogiri
  pg
  rack
  rack-cache
  radiant (~> 1.0.1)
  radiant-dashboard-extension
  radiant-sheets-extension
  radius
  rails (= 2.3.14)
  rake (= 0.8.7)
  rdoc
  ruby-prof
  ruby_parser
  rubypants
  sass
  stringex
  uuidtools
  will_paginate (~> 2.3.16)
